RESTRICTION: == net46
NUGET
  remote: https://www.nuget.org/api/v2
    FSharp.Data (2.3.3)
