RESTRICTION: == net46
NUGET
  remote: https://www.nuget.org/api/v2
    FSharp.Core (4.5.2)
    FSharp.Data (2.4.6)
    Google.DataTable.Net.Wrapper (3.1.2)
    Newtonsoft.Json (11.0.2)
    XPlot.GoogleCharts (1.5)
      FSharp.Core
      Google.DataTable.Net.Wrapper (>= 3.1.2)
      Newtonsoft.Json (>= 11.0.2)
